PATH
  remote: .
  specs:
    dolly (3.1.0)
      curb (= 0.9.8)
      oj

GEM
  remote: https://rubygems.org/
  specs:
    addressable (2.8.0)
      public_suffix (>= 2.0.2, < 5.0)
    crack (0.4.3)
      safe_yaml (~> 1.0.0)
    curb (0.9.8)
    hashdiff (0.4.0)
    metaclass (0.0.4)
    mocha (1.9.0)
      metaclass (~> 0.0.1)
    oj (3.11.5)
    power_assert (1.1.4)
    public_suffix (4.0.6)
    rake (13.0.3)
    rr (1.2.1)
    safe_yaml (1.0.5)
    test-unit (3.3.3)
      power_assert
    test-unit-context (0.5.1)
      test-unit (>= 2.4.0)
    test-unit-full (0.0.5)
      test-unit
      test-unit-context
      test-unit-notify
      test-unit-rr
      test-unit-runner-tap
    test-unit-notify (1.0.4)
      test-unit (>= 2.4.9)
    test-unit-rr (1.0.5)
      rr (>= 1.1.1)
      test-unit (>= 2.5.2)
    test-unit-runner-tap (1.1.2)
      test-unit
    webmock (3.6.0)
      addressable (>= 2.3.6)
      crack (>= 0.3.2)
      hashdiff (>= 0.4.0, < 2.0.0)

PLATFORMS
  ruby

DEPENDENCIES
  bundler (~> 2.0)
  dolly!
  mocha
  rake (~> 13.0)
  test-unit-full
  webmock

BUNDLED WITH
   2.1.0
